PATH
  remote: .
  specs:
    nimble-api (0.1.5)
      chronic (~> 0.10)
      faraday (~> 0.8)
      json (~> 1.7)

GEM
  remote: https://rubygems.org/
  specs:
    chronic (0.10.2)
    coderay (1.1.0)
    diff-lcs (1.2.5)
    faraday (0.9.1)
      multipart-post (>= 1.2, < 3)
    json (1.8.2)
    method_source (0.8.2)
    multipart-post (2.0.0)
    pry (0.9.12.6)
      coderay (~> 1.0)
      method_source (~> 0.8)
      slop (~> 3.4)
    rake (10.4.1)
    rspec (2.14.1)
      rspec-core (~> 2.14.0)
      rspec-expectations (~> 2.14.0)
      rspec-mocks (~> 2.14.0)
    rspec-core (2.14.7)
    rspec-expectations (2.14.5)
      diff-lcs (>= 1.1.3, < 2.0)
    rspec-mocks (2.14.5)
    slop (3.4.7)

PLATFORMS
  ruby

DEPENDENCIES
  bundler (~> 1.3)
  nimble-api!
  pry
  rake (~> 10.1)
  rspec (~> 2.14)
